PATH
  remote: .
  specs:
    odin (0.0.1)
      activesupport (~> 2.0.1)
      english (~> 0.1)
      facets (~> 2.2.1)
      linguistics (~> 1.0.8)

GEM
  remote: http://rubygems.org/
  specs:
    activesupport (2.0.5)
    english (0.6.3)
      language
    facets (2.2.1)
    language (0.6.0)
    linguistics (1.0.9)

PLATFORMS
  ruby

DEPENDENCIES
  odin!
